RESTRICTION: == net462
NUGET
  remote: https://www.nuget.org/api/v2
    Argu (3.7)
    FAKE (4.62.5)
    FSharp.Core (4.2.1)
